GEM
  remote: https://rubygems.org/
  specs:
    backports (2.6.1)
    eventmachine (0.12.10)
    haml (3.1.6)
    hashie (1.2.0)
    httparty (0.8.3)
      multi_json (~> 1.0)
      multi_xml
    json (1.7.3)
    json_pure (1.7.3)
    multi_json (1.3.6)
    multi_xml (0.5.1)
    rack (1.4.1)
    rack-protection (1.2.0)
      rack
    rack-test (0.6.1)
      rack (>= 1.0)
    sequel (3.36.1)
    sinatra (1.3.2)
      rack (~> 1.3, >= 1.3.6)
      rack-protection (~> 1.2)
      tilt (~> 1.3, >= 1.3.3)
    sinatra-contrib (1.3.1)
      backports (>= 2.0)
      eventmachine
      rack-protection
      rack-test
      sinatra (~> 1.3.0)
      tilt (~> 1.3)
    sinatra-sequel (0.9.0)
      sequel (>= 3.2.0)
      sinatra (>= 0.9.4)
    sqlite3 (1.3.6)
    tilt (1.3.3)
    tropo-webapi-ruby (0.1.11)
      hashie (>= 0.2.0)
      json_pure (>= 1.2.0)

PLATFORMS
  ruby

DEPENDENCIES
  haml
  httparty
  json
  sequel
  sinatra
  sinatra-contrib
  sinatra-sequel
  sqlite3
  tropo-webapi-ruby
